GEM
  remote: http://rubygems.org/
  specs:
    coderay (1.1.2)
    figaro (1.1.1)
      thor (~> 0.14)
    method_source (0.9.0)
    mustermann (1.0.2)
    oauth (0.5.4)
    pg (1.0.0)
    pry (0.11.3)
      coderay (~> 1.1.0)
      method_source (~> 0.9.0)
    puma (3.11.2)
    rack (2.0.4)
    rack-protection (2.0.1)
      rack
    sequel (5.6.0)
    sinatra (2.0.1)
      mustermann (~> 1.0)
      rack (~> 2.0)
      rack-protection (= 2.0.1)
      tilt (~> 2.0)
    thor (0.20.0)
    tilt (2.0.8)
    upwork-api (1.2.2)
      oauth (>= 0.4.7)

PLATFORMS
  ruby

DEPENDENCIES
  figaro
  oauth
  pg
  pry
  puma
  sequel
  sinatra
  upwork-api

RUBY VERSION
   ruby 2.5.0p0

BUNDLED WITH
   1.16.1
